GEM
  remote: http://rubygems.org/
  specs:
    faraday (0.9.2)
      multipart-post (>= 1.2, < 3)
    fuzzyurl (0.2.2)
    highline (1.7.8)
    hyperresource (0.9.3)
      faraday (>= 0.8.6)
      fuzzyurl (= 0.2.2)
      json
      uri_template (>= 0.5.2)
    json (1.8.3)
    multi_json (1.11.2)
    multipart-post (2.0.0)
    rack (1.6.4)
    rack-protection (1.5.3)
      rack
    sinatra (1.4.6)
      rack (~> 1.4)
      rack-protection (~> 1.4)
      tilt (>= 1.3, < 3)
    tilt (2.0.1)
    uri_template (0.7.0)

PLATFORMS
  ruby

DEPENDENCIES
  highline
  hyperresource
  multi_json
  sinatra

BUNDLED WITH
   1.10.6
