GIT
  remote: https://github.com/alexch/rerun.git
  revision: cf2ae0894740cee4f978fb8a7cb1d991a32e6865
  specs:
    rerun (0.11.0)
      listen (~> 3.0)

GEM
  remote: http://rubygems.org/
  specs:
    builder (3.2.2)
    cucumber (2.1.0)
      builder (>= 2.1.2)
      cucumber-core (~> 1.3.0)
      diff-lcs (>= 1.1.3)
      gherkin3 (~> 3.1.0)
      multi_json (>= 1.7.5, < 2.0)
      multi_test (>= 0.1.2)
    cucumber-core (1.3.0)
      gherkin3 (~> 3.1.0)
    diff-lcs (1.2.5)
    faraday (0.9.2)
      multipart-post (>= 1.2, < 3)
    ffi (1.9.10)
    fuzzyurl (0.2.2)
    gherkin3 (3.1.2)
    highline (1.7.8)
    hyperresource (0.9.3)
      faraday (>= 0.8.6)
      fuzzyurl (= 0.2.2)
      json
      uri_template (>= 0.5.2)
    json (1.8.3)
    listen (3.0.4)
      rb-fsevent (>= 0.9.3)
      rb-inotify (>= 0.9)
    multi_json (1.11.2)
    multi_test (0.1.2)
    multipart-post (2.0.0)
    rack (1.6.4)
    rack-protection (1.5.3)
      rack
    rb-fsevent (0.9.6)
    rb-inotify (0.9.5)
      ffi (>= 0.5.0)
    representable (2.3.0)
      uber (~> 0.0.7)
    roar (1.0.3)
      representable (>= 2.0.1, <= 3.0.0)
    sinatra (1.4.6)
      rack (~> 1.4)
      rack-protection (~> 1.4)
      tilt (>= 1.3, < 3)
    tilt (2.0.1)
    uber (0.0.15)
    uri_template (0.7.0)

PLATFORMS
  ruby

DEPENDENCIES
  cucumber
  highline
  hyperresource
  rerun!
  roar
  sinatra

BUNDLED WITH
   1.10.6
